PATH
  remote: .
  specs:
    libfmod (2.2.20)

GEM
  remote: https://rubygems.org/
  specs:
    rake (13.2.1)
    rake-compiler (1.2.7)
      rake
    rb_sys (0.9.97)

PLATFORMS
  ruby
  x64-mingw-ucrt
  x86_64-linux

DEPENDENCIES
  libfmod!
  rake (~> 13.0)
  rake-compiler
  rb_sys (~> 0.9.63)

BUNDLED WITH
   2.5.3
